PATH
  remote: .
  specs:
    bettersam (0.0.2)
      coveralls (~> 0.6.7)
      rake (~> 10.1.0)
      shoulda-context
      simplecov
      turn

GEM
  remote: https://rubygems.org/
  specs:
    ansi (1.4.3)
    coveralls (0.6.9)
      multi_json (~> 1.3)
      rest-client
      simplecov (>= 0.7)
      term-ansicolor
      thor
    docile (1.1.3)
    mime-types (2.2)
    minitest (4.7.5)
    multi_json (1.9.2)
    rake (10.1.1)
    rest-client (1.6.7)
      mime-types (>= 1.16)
    shoulda-context (1.2.1)
    simplecov (0.8.2)
      docile (~> 1.1.0)
      multi_json
      simplecov-html (~> 0.8.0)
    simplecov-html (0.8.0)
    term-ansicolor (1.3.0)
      tins (~> 1.0)
    thor (0.19.1)
    tins (1.1.0)
    turn (0.9.7)
      ansi
      minitest (~> 4)

PLATFORMS
  ruby

DEPENDENCIES
  bettersam!
